GEM
  remote: https://rubygems.org/
  specs:
    Ascii85 (1.0.3)
    addressable (2.7.0)
      public_suffix (>= 2.0.2, < 5.0)
    afm (0.2.2)
    asciidoctor (1.5.4)
    asciidoctor-epub3 (1.5.0.alpha.6)
      asciidoctor (~> 1.5.0)
      gepub (~> 0.6.9.2)
      thread_safe (~> 0.3.5)
    asciidoctor-pdf (1.5.0)
      asciidoctor (>= 1.5.3, < 3.0.0)
      concurrent-ruby (~> 1.1.0)
      prawn (~> 2.2.0)
      prawn-icon (~> 2.5.0)
      prawn-svg (~> 0.30.0)
      prawn-table (~> 0.2.0)
      prawn-templates (~> 0.1.0)
      safe_yaml (~> 1.0.0)
      thread_safe (~> 0.3.0)
      treetop (~> 1.6.0)
      ttfunk (~> 1.5.0, >= 1.5.1)
    asciidoctor-pdf-cjk (0.1.3)
      asciidoctor-pdf (~> 1.5.0.alpha.8)
    asciidoctor-pdf-cjk-kai_gen_gothic (0.1.1)
      asciidoctor-pdf-cjk (~> 0.1.2)
    awesome_print (1.6.1)
    coderay (1.1.1)
    concurrent-ruby (1.1.6)
    css_parser (1.7.1)
      addressable
    epubcheck (3.0.1)
    gepub (0.6.9.2)
      nokogiri (~> 1.6.1)
      rubyzip (>= 1.1.1)
    hashery (2.1.2)
    json (1.8.3)
    kindlegen (2.9.7)
    mini_portile2 (2.0.0)
    nokogiri (1.6.7.2)
      mini_portile2 (~> 2.0.0.rc2)
    pdf-core (0.7.0)
    pdf-reader (2.4.0)
      Ascii85 (~> 1.0.0)
      afm (~> 0.2.1)
      hashery (~> 2.0)
      ruby-rc4
      ttfunk
    polyglot (0.3.5)
    posix-spawn (0.3.11)
    prawn (2.2.2)
      pdf-core (~> 0.7.0)
      ttfunk (~> 1.5)
    prawn-icon (2.5.0)
      prawn (>= 1.1.0, < 3.0.0)
    prawn-svg (0.30.0)
      css_parser (~> 1.6)
      prawn (>= 0.11.1, < 3)
    prawn-table (0.2.2)
      prawn (>= 1.3.0, < 3.0.0)
    prawn-templates (0.1.2)
      pdf-reader (~> 2.0)
      prawn (~> 2.2)
    public_suffix (4.0.3)
    pygments.rb (0.6.3)
      posix-spawn (~> 0.3.6)
      yajl-ruby (~> 1.2.0)
    rake (10.5.0)
    ruby-rc4 (0.1.5)
    rubyzip (1.2.0)
    safe_yaml (1.0.5)
    thread_safe (0.3.6)
    treetop (1.6.10)
      polyglot (~> 0.3)
    ttfunk (1.5.1)
    yajl-ruby (1.2.1)

PLATFORMS
  ruby

DEPENDENCIES
  asciidoctor (= 1.5.4)
  asciidoctor-epub3 (= 1.5.0.alpha.6)
  asciidoctor-pdf (= 1.5.0)
  asciidoctor-pdf-cjk-kai_gen_gothic (= 0.1.1)
  awesome_print
  coderay
  epubcheck
  json
  kindlegen
  pygments.rb
  rake
  thread_safe

BUNDLED WITH
   1.17.3
